GEM
  remote: http://rubygems.org/
  specs:
    bluecloth (2.2.0)
    diff-lcs (1.1.3)
    rake (0.9.2.2)
    rspec (2.7.0)
      rspec-core (~> 2.7.0)
      rspec-expectations (~> 2.7.0)
      rspec-mocks (~> 2.7.0)
    rspec-core (2.7.1)
    rspec-expectations (2.7.0)
      diff-lcs (~> 1.1.2)
    rspec-mocks (2.7.0)
    wlang (0.10.2)
    yard (0.7.4)

PLATFORMS
  java
  ruby

DEPENDENCIES
  bluecloth (~> 2.2.0)
  rake (~> 0.9.2)
  rspec (~> 2.7.0)
  wlang (~> 0.10.2)
  yard (~> 0.7.2)
