PATH
  remote: .
  specs:
    quickl (0.3.0)

GEM
  remote: http://rubygems.org/
  specs:
    bluecloth (2.1.0)
    diff-lcs (1.1.2)
    rake (0.9.2)
    rspec (2.6.0)
      rspec-core (~> 2.6.0)
      rspec-expectations (~> 2.6.0)
      rspec-mocks (~> 2.6.0)
    rspec-core (2.6.4)
    rspec-expectations (2.6.0)
      diff-lcs (~> 1.1.2)
    rspec-mocks (2.6.0)
    wlang (0.10.2)
    yard (0.7.2)

PLATFORMS
  java
  ruby

DEPENDENCIES
  bluecloth (~> 2.1.0)
  bundler (~> 1.0)
  quickl!
  rake (~> 0.9.2)
  rspec (~> 2.6.0)
  wlang (~> 0.10.2)
  yard (~> 0.7.2)
